PATH
  remote: .
  specs:
    lexorank (0.4.0)
      activerecord
      activesupport

GEM
  remote: https://rubygems.org/
  specs:
    activemodel (7.0.8.7)
      activesupport (= 7.0.8.7)
    activerecord (7.0.8.7)
      activemodel (= 7.0.8.7)
      activesupport (= 7.0.8.7)
    activerecord-jdbc-adapter (70.2-java)
      activerecord (~> 7.0)
    activerecord-jdbcmysql-adapter (70.2-java)
      activerecord-jdbc-adapter (= 70.2)
      jdbc-mysql (>= 5.1.36, < 9)
    activerecord-jdbcpostgresql-adapter (70.2-java)
      activerecord-jdbc-adapter (= 70.2)
      jdbc-postgres (>= 9.4, < 43)
    activerecord-jdbcsqlite3-adapter (70.2-java)
      activerecord-jdbc-adapter (= 70.2)
      jdbc-sqlite3 (~> 3.8)
    activesupport (7.0.8.7)
      concurrent-ruby (~> 1.0, >= 1.0.2)
      i18n (>= 1.6, < 2)
      minitest (>= 5.1)
      tzinfo (~> 2.0)
    ansi (1.5.0)
    ast (2.4.3)
    bigdecimal (3.1.9)
    bigdecimal (3.1.9-java)
    builder (3.3.0)
    coderay (1.1.3)
    concurrent-ruby (1.3.4)
    drb (2.2.1)
    ffi (1.17.1-java)
    i18n (1.14.7)
      concurrent-ruby (~> 1.0)
    jdbc-mysql (8.4.0.1)
    jdbc-postgres (42.6.0)
    jdbc-sqlite3 (3.46.1.1)
    json (2.10.2)
    json (2.10.2-java)
    language_server-protocol (3.17.0.4)
    m (1.6.2)
      method_source (>= 0.6.7)
      rake (>= 0.9.2.2)
    method_source (1.1.0)
    mini_portile2 (2.8.8)
    minitest (5.25.5)
    minitest-reporters (1.7.1)
      ansi
      builder
      minitest (>= 5.0)
      ruby-progressbar
    mutex_m (0.3.0)
    mysql2 (0.5.6)
    parallel (1.26.3)
    parser (3.3.7.4)
      ast (~> 2.4.1)
      racc
    pg (1.5.9)
    prism (1.4.0)
    pry (0.15.2)
      coderay (~> 1.1)
      method_source (~> 1.0)
    pry (0.15.2-java)
      coderay (~> 1.1)
      method_source (~> 1.0)
      spoon (~> 0.0)
    racc (1.8.1)
    racc (1.8.1-java)
    rainbow (3.1.1)
    rake (13.2.1)
    regexp_parser (2.10.0)
    ruboconf (1.17.0)
      rubocop (~> 1.70.0)
      rubocop-performance (~> 1.23.0)
    rubocop (1.70.0)
      json (~> 2.3)
      language_server-protocol (>= 3.17.0)
      parallel (~> 1.10)
      parser (>= 3.3.0.2)
      rainbow (>= 2.2.2, < 4.0)
      regexp_parser (>= 2.9.3, < 3.0)
      rubocop-ast (>= 1.36.2, < 2.0)
      ruby-progressbar (~> 1.7)
      unicode-display_width (>= 2.4.0, < 4.0)
    rubocop-ast (1.44.0)
      parser (>= 3.3.7.2)
      prism (~> 1.4)
    rubocop-performance (1.23.1)
      rubocop (>= 1.48.1, < 2.0)
      rubocop-ast (>= 1.31.1, < 2.0)
    ruby-progressbar (1.13.0)
    shoulda-context (2.0.0)
    spoon (0.0.6)
      ffi
    sqlite3 (1.7.3)
      mini_portile2 (~> 2.8.0)
    tzinfo (2.0.6)
      concurrent-ruby (~> 1.0)
    unicode-display_width (3.1.4)
      unicode-emoji (~> 4.0, >= 4.0.4)
    unicode-emoji (4.0.4)

PLATFORMS
  aarch64-linux
  aarch64-linux-musl
  arm-linux
  arm-linux-musl
  arm64-darwin
  universal-java-17
  x86-linux
  x86-linux-musl
  x86_64-darwin
  x86_64-linux
  x86_64-linux-musl

DEPENDENCIES
  activerecord (~> 7.0.0)
  activerecord-jdbcmysql-adapter (~> 70.0)
  activerecord-jdbcpostgresql-adapter (~> 70.0)
  activerecord-jdbcsqlite3-adapter (~> 70.0)
  bigdecimal
  concurrent-ruby (< 1.3.5)
  drb
  lexorank!
  m
  minitest
  minitest-reporters
  mutex_m
  mysql2
  pg
  pry
  rake
  ruboconf (~> 1.3)
  shoulda-context
  sqlite3 (~> 1.4)

BUNDLED WITH
   2.6.7
